GEM
  remote: https://rubygems.org/
  specs:
    byebug (9.0.6)
    colorize (0.8.1)

PLATFORMS
  ruby

DEPENDENCIES
  byebug (~> 9.0, >= 9.0.6)
  colorize (~> 0.8.1)

BUNDLED WITH
   1.15.1
